GEM
  specs:
    curses (1.3.2)
    equatable (0.6.1)
    pastel (0.7.3)
      equatable (~> 0.6)
      tty-color (~> 0.5)
    strings (0.1.8)
      strings-ansi (~> 0.1)
      unicode-display_width (~> 1.5)
      unicode_utils (~> 1.4)
    strings-ansi (0.1.0)
    tty-box (0.4.1)
      pastel (~> 0.7.2)
      strings (~> 0.1.6)
      tty-cursor (~> 0.7)
    tty-color (0.5.1)
    tty-cursor (0.7.1)
    unicode-display_width (1.6.1)
    unicode_utils (1.4.0)

PLATFORMS
  ruby

DEPENDENCIES
  curses
  tty-box

BUNDLED WITH
   2.1.4
